GEM
  remote: https://rubygems.org/
  specs:
    circleci (2.0.3)
    moji (1.6)
    oj (3.10.1)
    rake (13.0.1)
    romaji (0.2.4)
      rake (>= 0.8.0)
    ruby-progressbar (1.10.1)
    rubyzip (2.1.0)
    thor (1.0.1)

PLATFORMS
  ruby

DEPENDENCIES
  circleci
  moji
  oj
  romaji
  ruby-progressbar
  rubyzip
  thor

BUNDLED WITH
   2.1.4
